GEM
  remote: https://rubygems.org/
  specs:
    coderay (1.1.2)
    json (2.3.0)
    method_source (1.0.0)
    mini_portile2 (2.4.0)
    nokogiri (1.10.9)
      mini_portile2 (~> 2.4.0)
    pry (0.13.1)
      coderay (~> 1.1)
      method_source (~> 1.0)
    require_all (3.0.0)

PLATFORMS
  ruby

DEPENDENCIES
  json (~> 2.3)
  nokogiri
  pry
  require_all

BUNDLED WITH
   2.1.4
